GEM
  remote: http://rubygems.org/
  specs:
    activesupport (3.2.8)
      i18n (~> 0.6)
      multi_json (~> 1.0)
    clockwork (0.4.1)
      tzinfo
    faraday (0.8.1)
      multipart-post (~> 1.1)
    gmail (0.4.0)
      gmail_xoauth (>= 0.3.0)
      mail (>= 2.2.1)
      mime (>= 0.1)
    gmail_xoauth (0.3.2)
      oauth (>= 0.3.6)
    i18n (0.6.0)
    json (1.7.4)
    mail (2.4.4)
      i18n (>= 0.4.0)
      mime-types (~> 1.16)
      treetop (~> 1.4.8)
    mime (0.1)
    mime-types (1.19)
    multi_json (1.3.6)
    multipart-post (1.1.5)
    oauth (0.4.6)
    polyglot (0.3.3)
    simple_oauth (0.1.9)
    treetop (1.4.10)
      polyglot
      polyglot (>= 0.3.1)
    twitter (2.2.0)
      activesupport (>= 2.3.9, < 4)
      faraday (~> 0.7)
      multi_json (~> 1.0)
      simple_oauth (~> 0.1)
    tzinfo (0.3.33)

PLATFORMS
  ruby

DEPENDENCIES
  clockwork
  gmail
  json
  twitter (= 2.2.0)
